PATH
  remote: .
  specs:
    octopi (1.0.0)
      httparty (~> 0.4)
      json

GEM
  remote: http://rubygems.org/
  specs:
    addressable (2.2.6)
    crack (0.3.0)
    diff-lcs (1.1.3)
    git (1.2.5)
    httparty (0.8.0)
      multi_json
      multi_xml
    jeweler (1.6.0)
      bundler (~> 1.0.0)
      git (>= 1.2.5)
      rake
    json (1.5.3)
    multi_json (1.0.3)
    multi_xml (0.4.0)
    rake (0.8.7)
    rspec (2.6.0)
      rspec-core (~> 2.6.0)
      rspec-expectations (~> 2.6.0)
      rspec-mocks (~> 2.6.0)
    rspec-core (2.6.4)
    rspec-expectations (2.6.0)
      diff-lcs (~> 1.1.2)
    rspec-mocks (2.6.0)
    webmock (1.7.6)
      addressable (> 2.2.5, ~> 2.2)
      crack (>= 0.1.7)

PLATFORMS
  ruby

DEPENDENCIES
  jeweler
  octopi!
  rspec (~> 2.6)
  webmock
